GEM
  remote: http://rubygems.org/
  specs:
    haml (4.0.2)
      tilt
    sass (3.2.7)
    tilt (1.3.7)

PLATFORMS
  ruby

DEPENDENCIES
  haml
  sass
